GIT
  remote: https://gitlab.com/alvinkatojr/rulers.git
  revision: e6102ea171f5c5afdf7233d2893a8796c09c5d60
  branch: master
  specs:
    rulers (0.2.0)
      rack (~> 1.6, >= 1.6.4)

GEM
  remote: https://rubygems.org/
  specs:
    rack (1.6.4)

PLATFORMS
  ruby

DEPENDENCIES
  rulers!

BUNDLED WITH
   1.11.2
