GIT
  remote: https://gitlab.com/alvinkatojr/rulers.git
  revision: dc8383f15ed9511864a6738550b629ae3a293fe8
  branch: master
  specs:
    rulers (0.2.0)
      rack (~> 1.6, >= 1.6.4)

GEM
  remote: https://rubygems.org/
  specs:
    rack (1.6.4)

PLATFORMS
  ruby

DEPENDENCIES
  rulers!

BUNDLED WITH
   1.11.2
